GEM
  remote: https://rubygems.org/
  specs:
<<<<<<< HEAD
    backports (3.6.8)
    byebug (11.1.3)
    coderay (1.1.3)
    erubis (2.7.0)
    method_source (1.0.0)
    multi_json (1.12.1)
    nio4r (2.5.8)
    pg (1.2.3)
    pry (0.13.1)
      coderay (~> 1.1)
      method_source (~> 1.0)
    pry-byebug (3.9.0)
      byebug (~> 11.0)
      pry (~> 0.13.0)
    puma (5.4.0)
      nio4r (~> 2.0)
    rack (1.6.13)
    rack-protection (1.5.5)
      rack
    rack-test (0.6.3)
      rack (>= 1.0)
    sinatra (1.4.8)
      rack (~> 1.5)
      rack-protection (~> 1.4)
      tilt (>= 1.3, < 3)
    sinatra-contrib (1.4.7)
      backports (>= 2.0)
      multi_json
      rack-protection
      rack-test
      sinatra (~> 1.4.0)
      tilt (>= 1.3, < 3)
=======
    erubis (2.7.0)
    multi_json (1.15.0)
    mustermann (1.1.1)
      ruby2_keywords (~> 0.0.1)
    nio4r (2.5.8)
    puma (5.4.0)
      nio4r (~> 2.0)
    rack (2.2.3)
    rack-protection (2.1.0)
      rack
    ruby2_keywords (0.0.5)
    sinatra (2.1.0)
      mustermann (~> 1.0)
      rack (~> 2.2)
      rack-protection (= 2.1.0)
      tilt (~> 2.0)
    sinatra-contrib (2.1.0)
      multi_json
      mustermann (~> 1.0)
      rack-protection (= 2.1.0)
      sinatra (= 2.1.0)
      tilt (~> 2.0)
>>>>>>> fe6d29f363b93e31fc753d452dc70ed91a6fd726
    tilt (2.0.10)
    webrick (1.7.0)

PLATFORMS
<<<<<<< HEAD
  ruby

DEPENDENCIES
  erubis
  pg
  pry-byebug
=======
  linux
  x86_64-darwin-20

DEPENDENCIES
  erubis
>>>>>>> fe6d29f363b93e31fc753d452dc70ed91a6fd726
  puma
  sinatra
  sinatra-contrib
  webrick

RUBY VERSION
   ruby 3.0.0p0

BUNDLED WITH
<<<<<<< HEAD
   1.12.5
=======
   2.2.3
>>>>>>> fe6d29f363b93e31fc753d452dc70ed91a6fd726
